GIT
  remote: https://github.com/carpeliam/rmeetup
  revision: 883c16c32e1ceabeeec00d4be4792d8f40b2f99d
  specs:
    rMeetup (1.1.0)
      json

GEM
  remote: https://rubygems.org/
  specs:
    activesupport (4.0.4)
      i18n (~> 0.6, >= 0.6.9)
      minitest (~> 4.2)
      multi_json (~> 1.3)
      thread_safe (~> 0.1)
      tzinfo (~> 0.3.37)
    i18n (0.6.9)
    icalendar (2.1.0)
    json (1.8.1)
    minitest (4.7.5)
    multi_json (1.10.1)
    thread_safe (0.3.4)
    tzinfo (0.3.39)

PLATFORMS
  ruby

DEPENDENCIES
  activesupport
  icalendar
  rMeetup!
